GIT
  remote: git://github.com/lsegal/parsejs.git
  revision: 7ba09b48fefc2db2970406938c34fb3d97ad4148
  specs:
    parsejs (0.0.1)
      kpeg
      yard

GIT
  remote: git://github.com/lsegal/yard-js.git
  revision: c76decbd26c9fe82889d72e10ce50c12cdbe51ff
  specs:
    yard-js (0.1.3)

GIT
  remote: git://github.com/lsegal/yard.git
  revision: 462a42d788fe4fdd809f4c3d0bbf92e6ecc338f4
  branch: frameless
  specs:
    yard (0.8.7.6)

GEM
  remote: https://rubygems.org/
  specs:
    kpeg (1.0.0)
    mini_portile (0.5.2)
    nokogiri (1.6.1)
      mini_portile (~> 0.5.0)
    rake (10.1.1)
    rdiscount (2.1.7)
    redcarpet (3.2.0)
    samus (1.4.1)
    yard-sitemap (1.0.1)

PLATFORMS
  ruby

DEPENDENCIES
  nokogiri
  parsejs!
  rake
  rdiscount
  redcarpet (~> 3.0)
  samus
  yard!
  yard-js!
  yard-sitemap (~> 1.0)
